GIT
  remote: git://github.com/gdotdesign/quality-control.git
  revision: 5df56171068cba7d58150ecfeb97b8898c9455c7
  specs:
    quality_control (0.1.2)
      colorize (~> 0.7.3)
      opal-rspec (= 0.3.0.beta3)
      rake
      rubocop
      rubycritic
      scss-lint
      yard

PATH
  remote: .
  specs:
    fron (0.2.0)
      opal (~> 0.6.2)

GEM
  remote: https://rubygems.org/
  specs:
    ast (2.0.0)
    axiom-types (0.1.1)
      descendants_tracker (~> 0.0.4)
      ice_nine (~> 0.11.0)
      thread_safe (~> 0.3, >= 0.3.1)
    coercible (1.0.0)
      descendants_tracker (~> 0.0.1)
    colorize (0.7.3)
    descendants_tracker (0.0.4)
      thread_safe (~> 0.3, >= 0.3.1)
    equalizer (0.0.9)
    execjs (2.2.2)
    flay (2.4.0)
      ruby_parser (~> 3.0)
      sexp_processor (~> 4.0)
    flog (4.2.1)
      ruby_parser (~> 3.1, > 3.1.0)
      sexp_processor (~> 4.4)
    hike (1.2.3)
    ice_nine (0.11.0)
    json (1.8.1)
    multi_json (1.10.1)
    opal (0.6.2)
      source_map
      sprockets
    opal-rspec (0.3.0.beta3)
      opal (>= 0.6.0, < 1.0.0)
    parser (2.1.9)
      ast (>= 1.1, < 3.0)
      slop (~> 3.4, >= 3.4.5)
    powerpack (0.0.9)
    rack (1.5.2)
    rainbow (2.0.0)
    rake (10.3.2)
    reek (1.3.8)
      rainbow (>= 1.99, < 3.0)
      ruby2ruby (>= 2.0.8, < 3.0)
      ruby_parser (~> 3.3)
      sexp_processor
    rubocop (0.23.0)
      json (>= 1.7.7, < 2)
      parser (~> 2.1.9)
      powerpack (~> 0.0.6)
      rainbow (>= 1.99.1, < 3.0)
      ruby-progressbar (~> 1.4)
    ruby-progressbar (1.6.1)
    ruby2ruby (2.1.3)
      ruby_parser (~> 3.1)
      sexp_processor (~> 4.0)
    ruby_parser (3.6.3)
      sexp_processor (~> 4.1)
    rubycritic (1.1.1)
      flay (= 2.4.0)
      flog (= 4.2.1)
      parser (~> 2.1)
      reek (= 1.3.8)
      ruby2ruby (>= 2.1.1, < 3.0)
      virtus (~> 1.0)
    sass (3.4.6)
    scss-lint (0.29.0)
      rainbow (~> 2.0)
      sass (~> 3.4.0)
    sexp_processor (4.4.4)
    slop (3.6.0)
    source_map (3.0.1)
      json
    sprockets (2.12.3)
      hike (~> 1.2)
      multi_json (~> 1.0)
      rack (~> 1.0)
      tilt (~> 1.1, != 1.3.0)
    thread_safe (0.3.4)
    tilt (1.4.1)
    virtus (1.0.3)
      axiom-types (~> 0.1)
      coercible (~> 1.0)
      descendants_tracker (~> 0.0, >= 0.0.3)
      equalizer (~> 0.0, >= 0.0.9)
    yard (0.8.7.6)

PLATFORMS
  ruby

DEPENDENCIES
  execjs
  fron!
  opal-rspec (~> 0.3.0.beta3)
  quality_control!
  rake
